GEM
  remote: https://rubygems.org/
  specs:
    addressable (2.8.1)
      public_suffix (>= 2.0.2, < 6.0)
    coderay (1.1.3)
    diff-lcs (1.5.0)
    launchy (2.5.0)
      addressable (~> 2.7)
    public_suffix (5.0.0)
    rspec (3.12.0)
      rspec-core (~> 3.12.0)
      rspec-expectations (~> 3.12.0)
      rspec-mocks (~> 3.12.0)
    rspec-core (3.12.0)
      rspec-support (~> 3.12.0)
    rspec-expectations (3.12.0)
      diff-lcs (>= 1.2.0, < 2.0)
      rspec-support (~> 3.12.0)
    rspec-mocks (3.12.0)
      diff-lcs (>= 1.2.0, < 2.0)
      rspec-support (~> 3.12.0)
    rspec-support (3.12.0)
    water (0.8.0)
      coderay (~> 1.1.0)
      launchy

PLATFORMS
  x86_64-linux

DEPENDENCIES
  rspec
  water

BUNDLED WITH
   2.3.25
